GEM
  remote: https://rubygems.org/
  specs:
    io-console (0.6.0)
    irb (1.7.4)
      reline (>= 0.3.6)
    rake (13.0.6)
    reline (0.3.6)
      io-console (~> 0.5)

PLATFORMS
  x86_64-linux

DEPENDENCIES
  irb
  rake

BUNDLED WITH
   2.3.7
